GEM
  remote: https://rubygems.org/
  specs:
    diff-lcs (1.6.1)
    rspec (3.13.0)
      rspec-core (~> 3.13.0)
      rspec-expectations (~> 3.13.0)
      rspec-mocks (~> 3.13.0)
    rspec-core (3.13.3)
      rspec-support (~> 3.13.0)
    rspec-expectations (3.13.4)
      diff-lcs (>= 1.2.0, < 2.0)
      rspec-support (~> 3.13.0)
    rspec-mocks (3.13.4)
      diff-lcs (>= 1.2.0, < 2.0)
      rspec-support (~> 3.13.0)
    rspec-support (3.13.3)

PLATFORMS
  arm64-darwin-24
  ruby

DEPENDENCIES
  rspec (~> 3.13)

RUBY VERSION
   ruby 3.3.5p100

BUNDLED WITH
   2.6.8
